PATH
  remote: .
  specs:
    beer_project (0.1.0)

GEM
  remote: https://rubygems.org/
  specs:
    coderay (1.1.3)
    colorize (0.8.1)
    httparty (0.13.7)
      json (~> 1.8)
      multi_xml (>= 0.5.2)
    json (1.8.6)
    method_source (1.0.0)
    multi_xml (0.6.0)
    pry (0.13.1)
      coderay (~> 1.1)
      method_source (~> 1.0)
    rake (12.3.2)

PLATFORMS
  ruby

DEPENDENCIES
  beer_project!
  bundler
  colorize
  httparty (~> 0.13.7)
  pry
  rake (~> 12.0)

BUNDLED WITH
   2.1.4
